GEM
  remote: https://rubygems.org/
  specs:
    cowsay (0.3.0)

PLATFORMS
  ruby

DEPENDENCIES
  cowsay

RUBY VERSION
   ruby 2.6.0p0

BUNDLED WITH
   2.0.2
